GEM
  remote: http://rubygems.org/
  specs:
    gli (2.5.0)
    google_apps (0.5)
      libxml-ruby (>= 2.2.2)
    libxml-ruby (2.3.3)

PLATFORMS
  ruby

DEPENDENCIES
  gli
  google_apps
